GEM
  remote: https://rubygems.org/
  specs:
    diff-lcs (1.2.5)
    rspec-core (3.2.0)
      rspec-support (~> 3.2.0)
    rspec-expectations (3.2.0)
      diff-lcs (>= 1.2.0, < 2.0)
      rspec-support (~> 3.2.0)
    rspec-support (3.2.1)

PLATFORMS
  ruby

DEPENDENCIES
  rspec-core (= 3.2.0)
  rspec-expectations (= 3.2.0)
